GEM
  remote: https://rubygems.org/
  specs:
    activesupport (3.2.13)
      i18n (= 0.6.1)
      multi_json (~> 1.0)
    i18n (0.6.1)
    monit (0.3.0)
      activesupport (~> 3.2.12)
      nokogiri (~> 1.5.2)
    multi_json (1.7.5)
    net-scp (1.1.1)
      net-ssh (>= 2.6.5)
    net-ssh (2.6.7)
    nokogiri (1.5.9)
    rack (1.4.1)
    rack-protection (1.2.0)
      rack
    sinatra (1.3.2)
      rack (~> 1.3, >= 1.3.6)
      rack-protection (~> 1.2)
      tilt (~> 1.3, >= 1.3.3)
    tilt (1.3.3)
    yard (0.8.7.1)

PLATFORMS
  ruby

DEPENDENCIES
  monit
  net-scp
  net-ssh
  nokogiri
  sinatra
  yard
